GEM
  remote: https://rubygems.org/
  specs:
    capistrano (2.15.4)
      highline
      net-scp (>= 1.0.0)
      net-sftp (>= 2.0.0)
      net-ssh (>= 2.0.14)
      net-ssh-gateway (>= 1.1.0)
    capistrano-buildpack (0.0.18)
    dotenv (2.7.5)
    highline (2.0.0)
    mustermann (1.0.3)
    net-scp (1.2.1)
      net-ssh (>= 2.6.5)
    net-sftp (2.1.2)
      net-ssh (>= 2.6.5)
    net-ssh (5.0.2)
    net-ssh-gateway (2.0.0)
      net-ssh (>= 4.0.0)
    nio4r (2.5.7)
    puma (4.3.8)
      nio4r (~> 2.0)
    rack (2.0.7)
    rack-protection (2.0.5)
      rack
    sinatra (2.0.5)
      mustermann (~> 1.0)
      rack (~> 2.0)
      rack-protection (= 2.0.5)
      tilt (~> 2.0)
    thumbtack (1.1.1)
    tilt (2.0.9)
    zache (0.5.0)

PLATFORMS
  ruby

DEPENDENCIES
  capistrano (= 2.15.4)
  capistrano-buildpack (= 0.0.18)
  dotenv
  puma
  rack
  sinatra
  thumbtack
  zache

RUBY VERSION
   ruby 2.4.2p198

BUNDLED WITH
   1.16.1
